GEM
  remote: https://rubygems.org/
  specs:
    activesupport (5.0.2)
      concurrent-ruby (~> 1.0, >= 1.0.2)
      i18n (~> 0.7)
      minitest (~> 5.1)
      tzinfo (~> 1.1)
    addressable (2.7.0)
      public_suffix (>= 2.0.2, < 5.0)
    amq-protocol (2.3.2)
    axiom-types (0.1.1)
      descendants_tracker (~> 0.0.4)
      ice_nine (~> 0.11.0)
      thread_safe (~> 0.3, >= 0.3.1)
    bogus (0.1.6)
      dependor (>= 0.0.4)
    builder (3.2.3)
    bunny (2.17.0)
      amq-protocol (~> 2.3, >= 2.3.1)
    byebug (9.0.6)
    codeclimate-test-reporter (1.0.5)
      simplecov
    coercible (1.0.0)
      descendants_tracker (~> 0.0.1)
    concurrent-ruby (1.0.5)
    dependor (1.0.1)
    descendants_tracker (0.0.4)
      thread_safe (~> 0.3, >= 0.3.1)
    diff-lcs (1.3)
    docile (1.1.5)
    equalizer (0.0.11)
    faraday (0.11.0)
      multipart-post (>= 1.2, < 3)
    gibbon (3.0.1)
      faraday (>= 0.9.1)
      multi_json (>= 1.11.0)
    gorg_message_sender (1.4.5)
      bunny (~> 2.2, >= 2.2.2)
      json-schema (~> 2.6)
    gorg_service (6.0.0)
      bunny (~> 2.2, >= 2.2.2)
      gorg_message_sender (~> 1.4.2)
      json-schema (~> 2.6)
    grape (0.19.1)
      activesupport
      builder
      hashie (>= 2.1.0)
      multi_json (>= 1.3.2)
      multi_xml (>= 0.5.2)
      mustermann-grape (~> 0.4.0)
      rack (>= 1.3.0)
      rack-accept
      virtus (>= 1.0.0)
    grape-swagger (0.25.3)
      grape (>= 0.12.0)
    hashie (3.5.5)
    i18n (0.8.1)
    ice_nine (0.11.2)
    json (1.8.6)
    json-schema (2.8.1)
      addressable (>= 2.4)
    minitest (5.10.1)
    multi_json (1.12.1)
    multi_xml (0.6.0)
    multipart-post (2.0.0)
    mustermann (0.4.0)
      tool (~> 0.2)
    mustermann-grape (0.4.0)
      mustermann (= 0.4.0)
    public_suffix (4.0.6)
    rack (2.0.1)
    rack-accept (0.4.5)
      rack (>= 0.4)
    rspec (3.5.0)
      rspec-core (~> 3.5.0)
      rspec-expectations (~> 3.5.0)
      rspec-mocks (~> 3.5.0)
    rspec-core (3.5.4)
      rspec-support (~> 3.5.0)
    rspec-expectations (3.5.0)
      diff-lcs (>= 1.2.0, < 2.0)
      rspec-support (~> 3.5.0)
    rspec-mocks (3.5.0)
      diff-lcs (>= 1.2.0, < 2.0)
      rspec-support (~> 3.5.0)
    rspec-support (3.5.0)
    simplecov (0.13.0)
      docile (~> 1.1.0)
      json (>= 1.8, < 3)
      simplecov-html (~> 0.10.0)
    simplecov-html (0.10.0)
    thread_safe (0.3.6)
    tool (0.2.3)
    tzinfo (1.2.3)
      thread_safe (~> 0.1)
    virtus (1.0.5)
      axiom-types (~> 0.1)
      coercible (~> 1.0)
      descendants_tracker (~> 0.0, >= 0.0.3)
      equalizer (~> 0.0, >= 0.0.9)

PLATFORMS
  ruby

DEPENDENCIES
  bogus
  byebug
  codeclimate-test-reporter (~> 1.0.0)
  gibbon
  gorg_service (~> 6.0)
  grape
  grape-swagger
  rspec
  simplecov

BUNDLED WITH
   1.17.3
